PATH
  remote: .
  specs:
    cloud_encrypted_sync_baseline_adapter (0.1.0)
      cloud_encrypted_sync

GEM
  remote: http://rubygems.org/
  specs:
    activesupport (3.2.3)
      i18n (~> 0.6)
      multi_json (~> 1.0)
    cloud_encrypted_sync (0.3.1)
    i18n (0.6.0)
    metaclass (0.0.1)
    mocha (0.11.4)
      metaclass (~> 0.0.1)
    multi_json (1.3.4)
    rake (0.9.2.2)
    simplecov (0.6.4)
      multi_json (~> 1.0)
      simplecov-html (~> 0.5.3)
    simplecov-html (0.5.3)

PLATFORMS
  ruby

DEPENDENCIES
  activesupport
  cloud_encrypted_sync_baseline_adapter!
  mocha
  rake
  simplecov
